PATH
  remote: .
  specs:
    lazy_mapper (0.1.0)

GEM
  remote: https://rubygems.org/
  specs:
    addressable (2.5.0)
      public_suffix (~> 2.0, >= 2.0.2)
    diff-lcs (1.3)
    english (0.6.3)
      language
    fastercsv (1.5.5)
    language (0.6.0)
    pg (0.21.0)
    pg (0.21.0-x64-mingw32)
    public_suffix (2.0.5)
    rake (10.5.0)
    rspec (3.5.0)
      rspec-core (~> 3.5.0)
      rspec-expectations (~> 3.5.0)
      rspec-mocks (~> 3.5.0)
    rspec-core (3.5.4)
      rspec-support (~> 3.5.0)
    rspec-expectations (3.5.0)
      diff-lcs (>= 1.2.0, < 2.0)
      rspec-support (~> 3.5.0)
    rspec-mocks (3.5.0)
      diff-lcs (>= 1.2.0, < 2.0)
      rspec-support (~> 3.5.0)
    rspec-support (3.5.0)
    sqlite3 (1.3.13)
    sqlite3 (1.3.13-x64-mingw32)

PLATFORMS
  ruby
  x64-mingw32

DEPENDENCIES
  addressable
  bundler (~> 1.10)
  english (>= 0.2.0)
  fastercsv (>= 1.2.3)
  lazy_mapper!
  pg
  rake (~> 10.0)
  rspec (~> 3.0)
  sqlite3

BUNDLED WITH
   1.15.3
